GEM
  remote: https://rubygems.org/
  specs:
    charlock_holmes (0.7.6)
    escape_utils (1.2.1)
    github-linguist (6.4.1)
      charlock_holmes (~> 0.7.6)
      escape_utils (~> 1.2.0)
      mime-types (>= 1.19)
      rugged (>= 0.25.1)
    mime-types (3.2.2)
      mime-types-data (~> 3.2015)
    mime-types-data (3.2018.0812)
    rugged (0.27.4)

PLATFORMS
  ruby

DEPENDENCIES
  github-linguist

BUNDLED WITH
   1.16.1
